GEM
  remote: https://rubygems.org/
  specs:
    bosh_common (1.2905.0)
      logging (~> 1.8.2)
      semi_semantic (~> 1.1.0)
    bosh_cpi (1.2905.0)
      bosh_common (~> 1.2905.0)
      logging (~> 1.8.2)
      membrane (~> 1.1.0)
    bosh_vsphere_cpi (1.2905.0)
      bosh_common (~> 1.2905.0)
      bosh_cpi (~> 1.2905.0)
      builder (~> 3.1.4)
      httpclient (= 2.4.0)
      membrane (~> 1.1.0)
      mono_logger (~> 1.1.0)
      nokogiri (~> 1.5.10)
    builder (3.1.4)
    httpclient (2.4.0)
    little-plugger (1.1.3)
    logging (1.8.2)
      little-plugger (>= 1.1.3)
      multi_json (>= 1.8.4)
    membrane (1.1.0)
    mono_logger (1.1.0)
    multi_json (1.11.0)
    nokogiri (1.5.11)
    semi_semantic (1.1.0)

PLATFORMS
  ruby

DEPENDENCIES
  bosh_vsphere_cpi
