PATH
  remote: .
  specs:
    bosh_vsphere_cpi (2.2.0)
      bosh_common (= 1.3093.0)
      bosh_cpi (= 1.3093.0)
      builder (~> 3.1.4)
      httpclient
      membrane (~> 1.1.0)
      mono_logger (~> 1.1.0)
      nokogiri (= 1.6.6.3)

GEM
  remote: https://rubygems.org/
  specs:
    bosh_common (1.3093.0)
      logging (~> 1.8.2)
      semi_semantic (~> 1.1.0)
    bosh_cpi (1.3093.0)
      bosh_common (~> 1.3093.0)
      logging (~> 1.8.2)
      membrane (~> 1.1.0)
    builder (3.1.4)
    celluloid (0.17.2)
      celluloid-essentials
      celluloid-extras
      celluloid-fsm
      celluloid-pool
      celluloid-supervision
      timers (>= 4.1.1)
    celluloid-essentials (0.20.5)
      timers (>= 4.1.1)
    celluloid-extras (0.20.5)
      timers (>= 4.1.1)
    celluloid-fsm (0.20.5)
      timers (>= 4.1.1)
    celluloid-pool (0.20.5)
      timers (>= 4.1.1)
    celluloid-supervision (0.20.5)
      timers (>= 4.1.1)
    diff-lcs (1.2.5)
    fakefs (0.6.7)
    hitimes (1.2.3)
    httpclient (2.7.1)
    little-plugger (1.1.4)
    logging (1.8.2)
      little-plugger (>= 1.1.3)
      multi_json (>= 1.8.4)
    membrane (1.1.0)
    mini_portile (0.6.2)
    mono_logger (1.1.0)
    multi_json (1.11.2)
    nokogiri (1.6.6.3)
      mini_portile (~> 0.6.0)
    rake (10.4.2)
    rspec (3.3.0)
      rspec-core (~> 3.3.0)
      rspec-expectations (~> 3.3.0)
      rspec-mocks (~> 3.3.0)
    rspec-core (3.3.2)
      rspec-support (~> 3.3.0)
    rspec-expectations (3.3.1)
      diff-lcs (>= 1.2.0, < 2.0)
      rspec-support (~> 3.3.0)
    rspec-instafail (0.4.0)
      rspec
    rspec-its (1.2.0)
      rspec-core (>= 3.0.0)
      rspec-expectations (>= 3.0.0)
    rspec-mocks (3.3.2)
      diff-lcs (>= 1.2.0, < 2.0)
      rspec-support (~> 3.3.0)
    rspec-support (3.3.0)
    semi_semantic (1.1.0)
    timecop (0.7.4)
    timers (4.1.1)
      hitimes

PLATFORMS
  ruby

DEPENDENCIES
  bosh_vsphere_cpi!
  celluloid
  fakefs
  rake (~> 10.0)
  rspec (~> 3.0)
  rspec-instafail
  rspec-its
  timecop (~> 0.7.1)

BUNDLED WITH
   1.10.6
